PATH
  remote: .
  specs:
    time-tracker (0.1.0)
      sequel (~> 4.13)
      sqlite3 (~> 1.3.3)
      typhoeus (~> 0.6.8)

GEM
  remote: http://rubygems.org/
  specs:
    diff-lcs (1.2.5)
    ethon (0.7.1)
      ffi (>= 1.3.0)
    ffi (1.9.3)
    rspec (2.14.1)
      rspec-core (~> 2.14.0)
      rspec-expectations (~> 2.14.0)
      rspec-mocks (~> 2.14.0)
    rspec-core (2.14.7)
    rspec-expectations (2.14.5)
      diff-lcs (>= 1.1.3, < 2.0)
    rspec-mocks (2.14.6)
    sequel (4.13.0)
    sqlite3 (1.3.9)
    typhoeus (0.6.9)
      ethon (>= 0.7.1)

PLATFORMS
  ruby

DEPENDENCIES
  rspec
  time-tracker!
